GEM
  remote: https://rubygems.org/
  specs:
    actionpack (6.0.3.3)
      actionview (= 6.0.3.3)
      activesupport (= 6.0.3.3)
      rack (~> 2.0, >= 2.0.8)
      rack-test (>= 0.6.3)
      rails-dom-testing (~> 2.0)
      rails-html-sanitizer (~> 1.0, >= 1.2.0)
    actionview (6.0.3.3)
      activesupport (= 6.0.3.3)
      builder (~> 3.1)
      erubi (~> 1.4)
      rails-dom-testing (~> 2.0)
      rails-html-sanitizer (~> 1.1, >= 1.2.0)
    activesupport (6.0.3.3)
      concurrent-ruby (~> 1.0, >= 1.0.2)
      i18n (>= 0.7, < 2)
      minitest (~> 5.1)
      tzinfo (~> 1.1)
      zeitwerk (~> 2.2, >= 2.2.2)
    builder (3.2.4)
    byebug (11.0.1)
    coderay (1.1.2)
    concurrent-ruby (1.1.7)
    connection_pool (2.2.2)
    crass (1.0.6)
    diff-lcs (1.3)
    dotenv (2.7.4)
    erubi (1.9.0)
    ethon (0.12.0)
      ffi (>= 1.3.0)
    fabrication (2.21.0)
    faraday (1.0.1)
      multipart-post (>= 1.2, < 3)
    faraday_middleware (1.0.0)
      faraday (~> 1.0)
    ffi (1.11.3)
    httpclient (2.8.3)
    i18n (1.8.5)
      concurrent-ruby (~> 1.0)
    loofah (2.7.0)
      crass (~> 1.0.2)
      nokogiri (>= 1.5.9)
    method_source (0.9.2)
    mini_portile2 (2.4.0)
    minitest (5.14.2)
    mock_redis (0.22.0)
    multipart-post (2.1.1)
    nokogiri (1.10.10)
      mini_portile2 (~> 2.4.0)
    oj (3.9.2)
    pg (1.1.4)
    pry (0.12.2)
      coderay (~> 1.1.0)
      method_source (~> 0.9.0)
    pry-byebug (3.7.0)
      byebug (~> 11.0)
      pry (~> 0.10)
    puma (3.12.4)
    rack (2.2.3)
    rack-protection (2.0.7)
      rack
    rack-test (1.1.0)
      rack (>= 1.0, < 3)
    rack-unreloader (1.7.0)
    rails-dom-testing (2.0.3)
      activesupport (>= 4.2.0)
      nokogiri (>= 1.6)
    rails-html-sanitizer (1.3.0)
      loofah (~> 2.3)
    rake (13.0.1)
    redis (4.1.3)
    roda (3.21.0)
      rack
    rspec (3.8.0)
      rspec-core (~> 3.8.0)
      rspec-expectations (~> 3.8.0)
      rspec-mocks (~> 3.8.0)
    rspec-core (3.8.1)
      rspec-support (~> 3.8.0)
    rspec-expectations (3.8.4)
      diff-lcs (>= 1.2.0, < 2.0)
      rspec-support (~> 3.8.0)
    rspec-mocks (3.8.1)
      diff-lcs (>= 1.2.0, < 2.0)
      rspec-support (~> 3.8.0)
    rspec-sidekiq (3.0.3)
      rspec-core (~> 3.0, >= 3.0.0)
      sidekiq (>= 2.4.0)
    rspec-support (3.8.2)
    sequel (5.21.0)
    sidekiq (6.0.3)
      connection_pool (>= 2.2.2)
      rack (>= 2.0.0)
      rack-protection (>= 2.0.0)
      redis (>= 4.1.0)
    slim (4.0.1)
      temple (>= 0.7.6, < 0.9)
      tilt (>= 2.0.6, < 2.1)
    telegram-bot (0.14.3)
      actionpack (>= 4.0, < 6.1)
      activesupport (>= 4.0, < 6.1)
      httpclient (~> 2.7)
    temple (0.8.2)
    thread_safe (0.3.6)
    tilt (2.0.10)
    typhoeus (1.3.1)
      ethon (>= 0.9.0)
    tzinfo (1.2.7)
      thread_safe (~> 0.1)
    zeitwerk (2.4.0)

PLATFORMS
  ruby

DEPENDENCIES
  dotenv (~> 2.7.1)
  fabrication (~> 2.21.0)
  faraday (~> 1.0.0)
  faraday_middleware (~> 1.0.0)
  mock_redis (~> 0.22.0)
  oj (~> 3.9.2)
  pg (~> 1.1.4)
  pry-byebug (~> 3.7.0)
  puma (~> 3.12.4)
  rack-unreloader (~> 1.7)
  rake (~> 13.0.1)
  redis (~> 4.1.3)
  roda (~> 3.21.0)
  rspec (~> 3.8.0)
  rspec-sidekiq (~> 3.0.3)
  sequel (~> 5.21.0)
  sidekiq (~> 6.0.3)
  slim (~> 4.0.1)
  telegram-bot (~> 0.14)
  typhoeus (~> 1.3.1)

RUBY VERSION
   ruby 2.6.3p62

BUNDLED WITH
   1.17.3
